PATH
  remote: .
  specs:
    ping-middleware (0.0.1)

GEM
  remote: https://rubygems.org/
  specs:
    rack (1.4.1)
    rack-client (0.4.0)
      rack (>= 1.0.0)
    rake (10.0.3)

PLATFORMS
  ruby

DEPENDENCIES
  ping-middleware!
  rack
  rack-client
  rake
